GEM
  remote: https://rubygems.org/
  specs:
    erb (5.0.2)
    excon (1.3.0)
      logger
    logger (1.7.0)

PLATFORMS
  ruby
  x86_64-linux

DEPENDENCIES
  erb
  excon

BUNDLED WITH
   2.6.9
